GEM
  remote: http://rubygems.org/
  specs:
    ZenTest (4.1.3)
    rack (1.2.1)
    rack-test (0.5.7)
      rack (>= 1.0)
    rspec (1.3.0)
    sinatra (1.1.2)
      rack (~> 1.1)
      tilt (~> 1.2)
    tilt (1.2.1)

PLATFORMS
  ruby

DEPENDENCIES
  ZenTest
  rack-test
  rspec (~> 1.3.0)
  sinatra
